PATH
  remote: .
  specs:
    teecket (0.0.1)
      terminal-table (~> 1.4.5)

GEM
  remote: https://rubygems.org/
  specs:
    byebug (5.0.0)
      columnize (= 0.9.0)
    columnize (0.9.0)
    terminal-table (1.4.5)

PLATFORMS
  ruby

DEPENDENCIES
  byebug (~> 5.0.0)
  teecket!
