PATH
  remote: .
  specs:
    teecket (0.0.10)
      nokogiri (~> 1.6, >= 1.6.6.2)
      terminal-table (~> 1.4, >= 1.4.5)

GEM
  remote: https://rubygems.org/
  specs:
    byebug (5.0.0)
      columnize (= 0.9.0)
    columnize (0.9.0)
    mini_portile (0.6.2)
    nokogiri (1.6.6.2)
      mini_portile (~> 0.6.0)
    terminal-table (1.5.2)

PLATFORMS
  ruby

DEPENDENCIES
  byebug (~> 5.0, >= 5.0.0)
  teecket!

BUNDLED WITH
   1.10.5
